GEM
  remote: https://rubygems.org/
  specs:
    activesupport (4.2.5.1)
      i18n (~> 0.7)
      json (~> 1.7, >= 1.7.7)
      minitest (~> 5.1)
      thread_safe (~> 0.3, >= 0.3.4)
      tzinfo (~> 1.1)
    childprocess (0.5.9)
      ffi (~> 1.0, >= 1.0.11)
    deordinalize (0.0.3)
    ffi (1.9.10-x86-mingw32)
    i18n (0.7.0)
    json (1.8.3)
    minitest (5.8.4)
    multi_json (1.11.2)
    numbers_in_words (0.4.0)
      activesupport
    rubyzip (1.2.0)
    rufus-scheduler (3.2.0)
    selenium-webdriver (2.52.0)
      childprocess (~> 0.5)
      multi_json (~> 1.0)
      rubyzip (~> 1.0)
      websocket (~> 1.0)
    thread_safe (0.3.5)
    tzinfo (1.2.2)
      thread_safe (~> 0.1)
    watir-webdriver (0.9.1)
      selenium-webdriver (>= 2.46.2)
    websocket (1.2.2)

PLATFORMS
  x86-mingw32

DEPENDENCIES
  activesupport
  deordinalize
  numbers_in_words
  rufus-scheduler
  watir-webdriver
